GIT
  remote: https://github.com/watir/watir.git
  revision: 786fb126482495ef7aa2fd6453908c290430bd65
  branch: master
  specs:
    watir (6.1.0)
      selenium-webdriver (~> 3.0)

PATH
  remote: .
  specs:
    ferris_watir (0.1.1)
      watir (>= 6.1.0)

GEM
  remote: https://rubygems.org/
  specs:
    childprocess (0.6.1)
      ffi (~> 1.0, >= 1.0.11)
    diff-lcs (1.3)
    ffi (1.9.17)
    rspec (3.5.0)
      rspec-core (~> 3.5.0)
      rspec-expectations (~> 3.5.0)
      rspec-mocks (~> 3.5.0)
    rspec-core (3.5.4)
      rspec-support (~> 3.5.0)
    rspec-expectations (3.5.0)
      diff-lcs (>= 1.2.0, < 2.0)
      rspec-support (~> 3.5.0)
    rspec-mocks (3.5.0)
      diff-lcs (>= 1.2.0, < 2.0)
      rspec-support (~> 3.5.0)
    rspec-support (3.5.0)
    rubyzip (1.2.1)
    selenium-webdriver (3.1.0)
      childprocess (~> 0.5)
      rubyzip (~> 1.0)
      websocket (~> 1.0)
    watir_model (0.3.0)
    websocket (1.2.4)

PLATFORMS
  ruby

DEPENDENCIES
  ferris_watir!
  rspec (>= 3.5.0)
  watir!
  watir_model (>= 0.2.2)

BUNDLED WITH
   1.14.3
